GIT
  remote: git://github.com/yoolk/themes_on_rails.git
  revision: 2936fa4157bac87fdb2e3df7a3a0fac699d965f3
  specs:
    themes_on_rails (0.2.1)
      rails (>= 3.2)

GEM
  remote: https://rubygems.org/
  specs:
    actionmailer (4.0.5)
      actionpack (= 4.0.5)
      mail (~> 2.5.4)
    actionpack (4.0.5)
      activesupport (= 4.0.5)
      builder (~> 3.1.0)
      erubis (~> 2.7.0)
      rack (~> 1.5.2)
      rack-test (~> 0.6.2)
    activemodel (4.0.5)
      activesupport (= 4.0.5)
      builder (~> 3.1.0)
    activerecord (4.0.5)
      activemodel (= 4.0.5)
      activerecord-deprecated_finders (~> 1.0.2)
      activesupport (= 4.0.5)
      arel (~> 4.0.0)
    activerecord-deprecated_finders (1.0.3)
    activesupport (4.0.5)
      i18n (~> 0.6, >= 0.6.9)
      minitest (~> 4.2)
      multi_json (~> 1.3)
      thread_safe (~> 0.1)
      tzinfo (~> 0.3.37)
    arel (4.0.2)
    bootstrap-sass (3.1.1.1)
      sass (~> 3.2)
    builder (3.1.4)
    coffee-rails (4.0.1)
      coffee-script (>= 2.2.0)
      railties (>= 4.0.0, < 5.0)
    coffee-script (2.2.0)
      coffee-script-source
      execjs
    coffee-script-source (1.7.0)
    erubis (2.7.0)
    execjs (2.0.2)
    hike (1.2.3)
    i18n (0.6.9)
    jbuilder (1.5.3)
      activesupport (>= 3.0.0)
      multi_json (>= 1.2.0)
    jquery-rails (3.1.0)
      railties (>= 3.0, < 5.0)
      thor (>= 0.14, < 2.0)
    json (1.8.1)
    mail (2.5.4)
      mime-types (~> 1.16)
      treetop (~> 1.4.8)
    mime-types (1.25.1)
    minitest (4.7.5)
    multi_json (1.10.0)
    polyglot (0.3.4)
    rack (1.5.2)
    rack-test (0.6.2)
      rack (>= 1.0)
    rails (4.0.5)
      actionmailer (= 4.0.5)
      actionpack (= 4.0.5)
      activerecord (= 4.0.5)
      activesupport (= 4.0.5)
      bundler (>= 1.3.0, < 2.0)
      railties (= 4.0.5)
      sprockets-rails (~> 2.0.0)
    railties (4.0.5)
      actionpack (= 4.0.5)
      activesupport (= 4.0.5)
      rake (>= 0.8.7)
      thor (>= 0.18.1, < 2.0)
    rake (10.3.1)
    rdoc (4.1.1)
      json (~> 1.4)
    sass (3.2.19)
    sass-rails (4.0.3)
      railties (>= 4.0.0, < 5.0)
      sass (~> 3.2.0)
      sprockets (~> 2.8, <= 2.11.0)
      sprockets-rails (~> 2.0)
    sdoc (0.4.0)
      json (~> 1.8)
      rdoc (~> 4.0, < 5.0)
    sprockets (2.11.0)
      hike (~> 1.2)
      multi_json (~> 1.0)
      rack (~> 1.0)
      tilt (~> 1.1, != 1.3.0)
    sprockets-rails (2.0.1)
      actionpack (>= 3.0)
      activesupport (>= 3.0)
      sprockets (~> 2.8)
    sqlite3 (1.3.9)
    thor (0.19.1)
    thread_safe (0.3.3)
    tilt (1.4.1)
    treetop (1.4.15)
      polyglot
      polyglot (>= 0.3.1)
    turbolinks (2.2.2)
      coffee-rails
    tzinfo (0.3.39)
    uglifier (2.5.0)
      execjs (>= 0.3.0)
      json (>= 1.8.0)

PLATFORMS
  ruby

DEPENDENCIES
  bootstrap-sass (~> 3.1.1)
  coffee-rails (~> 4.0.0)
  jbuilder (~> 1.2)
  jquery-rails
  rails (= 4.0.5)
  sass-rails (~> 4.0.3)
  sdoc
  sqlite3
  themes_on_rails!
  turbolinks
  uglifier (>= 1.3.0)
